PATH
  remote: ../i18n-0.6.0
  specs:
    i18n (0.6.0)

PATH
  remote: ../rack-1.3.5
  specs:
    rack (1.3.5)

PATH
  remote: ../sprockets-2.1.1
  specs:
    sprockets (2.1.1)
      hike (~> 1.2)
      rack (~> 1.0)
      tilt (~> 1.1, != 1.3.0)

GEM
  remote: http://rubygems.org/
  specs:
    hike (1.2.1)
    tilt (1.3.3)

PLATFORMS
  ruby

DEPENDENCIES
  i18n!
  rack!
  sprockets!
