PATH
  remote: vendor/plugins/arel-2.2.1
  specs:
    arel (2.2.1)

PATH
  remote: vendor/plugins/builder-3.0.0
  specs:
    builder (3.0.0)

PATH
  remote: vendor/plugins/coffee-rails-3.1.1
  specs:
    coffee-rails (3.1.1)
      coffee-script (>= 2.2.0)
      railties (~> 3.1.0)

PATH
  remote: vendor/plugins/coffee-script-2.2.0
  specs:
    coffee-script (2.2.0)
      coffee-script-source
      execjs

PATH
  remote: vendor/plugins/coffee-script-source-1.1.3
  specs:
    coffee-script-source (1.1.3)

PATH
  remote: vendor/plugins/columnize-0.3.4
  specs:
    columnize (0.3.4)

PATH
  remote: vendor/plugins/erubis-2.7.0
  specs:
    erubis (2.7.0)

PATH
  remote: vendor/plugins/execjs-1.2.9
  specs:
    execjs (1.2.9)
      multi_json (~> 1.0)

PATH
  remote: vendor/plugins/hike-1.2.1
  specs:
    hike (1.2.1)

PATH
  remote: vendor/plugins/i18n-0.6.0
  specs:
    i18n (0.6.0)

PATH
  remote: vendor/plugins/jquery-rails-1.0.18
  specs:
    jquery-rails (1.0.18)
      railties (~> 3.0)
      thor (~> 0.14)

PATH
  remote: vendor/plugins/json-1.6.1
  specs:
    json (1.6.1)

PATH
  remote: vendor/plugins/linecache-0.46
  specs:
    linecache (0.46)
      rbx-require-relative (> 0.0.4)

PATH
  remote: vendor/plugins/mail-2.3.0
  specs:
    mail (2.3.0)
      i18n (>= 0.4.0)
      mime-types (~> 1.16)
      treetop (~> 1.4.8)

PATH
  remote: vendor/plugins/mime-types-1.17.2
  specs:
    mime-types (1.17.2)

PATH
  remote: vendor/plugins/multi_json-1.0.3
  specs:
    multi_json (1.0.3)

PATH
  remote: vendor/plugins/polyglot-0.3.3
  specs:
    polyglot (0.3.3)

PATH
  remote: vendor/plugins/rack-1.3.5
  specs:
    rack (1.3.5)

PATH
  remote: vendor/plugins/rack-cache-1.1
  specs:
    rack-cache (1.1)
      rack (>= 0.4)

PATH
  remote: vendor/plugins/rack-mount-0.8.3
  specs:
    rack-mount (0.8.3)
      rack (>= 1.0.0)

PATH
  remote: vendor/plugins/rack-ssl-1.3.2
  specs:
    rack-ssl (1.3.2)
      rack

PATH
  remote: vendor/plugins/rack-test-0.6.1
  specs:
    rack-test (0.6.1)
      rack (>= 1.0)

PATH
  remote: vendor/plugins/rake-0.8.7
  specs:
    rake (0.8.7)

PATH
  remote: vendor/plugins/rbx-require-relative-0.0.5
  specs:
    rbx-require-relative (0.0.5)

PATH
  remote: vendor/plugins/rdoc-3.11
  specs:
    rdoc (3.11)
      json (~> 1.4)

PATH
  remote: vendor/plugins/ruby-debug-0.10.4
  specs:
    ruby-debug (0.10.4)
      columnize (>= 0.1)
      ruby-debug-base (~> 0.10.4.0)

PATH
  remote: vendor/plugins/ruby-debug-base-0.10.4
  specs:
    ruby-debug-base (0.10.4)
      linecache (>= 0.3)

PATH
  remote: vendor/plugins/sass-3.1.10
  specs:
    sass (3.1.10)

PATH
  remote: vendor/plugins/sass-rails-3.1.5
  specs:
    sass-rails (3.1.5)
      actionpack (~> 3.1.0)
      railties (~> 3.1.0)
      sass (~> 3.1.10)
      tilt (~> 1.3.2)

PATH
  remote: vendor/plugins/sprockets-2.1.1
  specs:
    sprockets (2.1.1)
      hike (~> 1.2)
      rack (~> 1.0)
      tilt (~> 1.1, != 1.3.0)

PATH
  remote: vendor/plugins/sqlite3-1.3.4
  specs:
    sqlite3 (1.3.4)

PATH
  remote: vendor/plugins/thor-0.14.6
  specs:
    thor (0.14.6)

PATH
  remote: vendor/plugins/tilt-1.3.3
  specs:
    tilt (1.3.3)

PATH
  remote: vendor/plugins/treetop-1.4.10
  specs:
    treetop (1.4.10)
      polyglot
      polyglot (>= 0.3.1)

PATH
  remote: vendor/plugins/tzinfo-0.3.31
  specs:
    tzinfo (0.3.31)

PATH
  remote: vendor/plugins/uglifier-1.1.0
  specs:
    uglifier (1.1.0)
      execjs (>= 0.3.0)
      multi_json (>= 1.0.2)

PATH
  remote: vendor/rails
  specs:
    actionmailer (3.1.2)
      actionpack (= 3.1.2)
      mail (~> 2.3.0)
    actionpack (3.1.2)
      activemodel (= 3.1.2)
      activesupport (= 3.1.2)
      builder (~> 3.0.0)
      erubis (~> 2.7.0)
      i18n (~> 0.6)
      rack (~> 1.3.5)
      rack-cache (~> 1.1)
      rack-mount (~> 0.8.2)
      rack-test (~> 0.6.1)
      sprockets (~> 2.1.0)
    activemodel (3.1.2)
      activesupport (= 3.1.2)
      builder (~> 3.0.0)
      i18n (~> 0.6)
    activerecord (3.1.2)
      activemodel (= 3.1.2)
      activesupport (= 3.1.2)
      arel (~> 2.2.1)
      tzinfo (~> 0.3.29)
    activeresource (3.1.2)
      activemodel (= 3.1.2)
      activesupport (= 3.1.2)
    activesupport (3.1.2)
      multi_json (~> 1.0)
    rails (3.1.2)
      actionmailer (= 3.1.2)
      actionpack (= 3.1.2)
      activerecord (= 3.1.2)
      activeresource (= 3.1.2)
      activesupport (= 3.1.2)
      bundler (~> 1.0)
      railties (= 3.1.2)
    railties (3.1.2)
      actionpack (= 3.1.2)
      activesupport (= 3.1.2)
      rack-ssl (~> 1.3.2)
      rake (>= 0.8.7)
      rdoc (~> 3.4)
      thor (~> 0.14.6)

GEM
  remote: http://rubygems.org/
  specs:

PLATFORMS
  ruby

DEPENDENCIES
  arel!
  builder!
  coffee-rails!
  coffee-script!
  coffee-script-source!
  columnize!
  erubis!
  execjs!
  hike!
  i18n!
  jquery-rails!
  json!
  linecache!
  mail!
  mime-types!
  multi_json!
  polyglot!
  rack!
  rack-cache!
  rack-mount!
  rack-ssl!
  rack-test!
  rails!
  rake!
  rbx-require-relative!
  rdoc!
  ruby-debug!
  ruby-debug-base!
  sass!
  sass-rails!
  sprockets!
  sqlite3!
  thor!
  tilt!
  treetop!
  tzinfo!
  uglifier!
